GEM
  remote: https://rubygems.org/
  specs:
    diff-lcs (1.2.5)
    racc (1.4.11)
    rake (10.1.1)
    rexical (1.0.5)
    rspec (2.14.1)
      rspec-core (~> 2.14.0)
      rspec-expectations (~> 2.14.0)
      rspec-mocks (~> 2.14.0)
    rspec-core (2.14.8)
    rspec-expectations (2.14.5)
      diff-lcs (>= 1.1.3, < 2.0)
    rspec-mocks (2.14.6)
    thor (0.18.1)

PLATFORMS
  ruby

DEPENDENCIES
  racc
  rake
  rexical
  rspec
  thor
